GEM
  remote: https://rubygems.org/
  specs:
    histogram (0.2.4.1)

PLATFORMS
  ruby

DEPENDENCIES
  histogram

BUNDLED WITH
   2.1.4
